GEM
  remote: https://rubygems.org/
  specs:
    coderay (1.1.3)
    diff-lcs (1.5.0)
    eventmachine (1.2.7)
    libv8-node (16.10.0.0-x86_64-darwin)
    method_source (1.0.0)
    mini_racer (0.6.2)
      libv8-node (~> 16.10.0.0)
    mos6510 (0.1.2)
      mini_racer (~> 0.6.2)
    pry (0.14.1)
      coderay (~> 1.1)
      method_source (~> 1.0)
    rspec (3.11.0)
      rspec-core (~> 3.11.0)
      rspec-expectations (~> 3.11.0)
      rspec-mocks (~> 3.11.0)
    rspec-core (3.11.0)
      rspec-support (~> 3.11.0)
    rspec-expectations (3.11.0)
      diff-lcs (>= 1.2.0, < 2.0)
      rspec-support (~> 3.11.0)
    rspec-mocks (3.11.1)
      diff-lcs (>= 1.2.0, < 2.0)
      rspec-support (~> 3.11.0)
    rspec-support (3.11.0)
    ruby-osc (1.0.0)
      eventmachine (~> 1.2)

PLATFORMS
  x86_64-darwin-20

DEPENDENCIES
  mos6510 (~> 0.1.2)
  pry
  rspec (~> 3.0)
  ruby-osc

BUNDLED WITH
   2.3.3
